GEM
  remote: https://rubygems.org/
  specs:
    bigdecimal (3.1.4)
    pg (1.2.3)
    sequel (5.72.0)
      bigdecimal

PLATFORMS
  ruby

DEPENDENCIES
  pg
  sequel

RUBY VERSION
   ruby 3.1.4p223

BUNDLED WITH
   2.4.13
