GEM
  remote: https://rubygems.org/
  specs:
    pg (1.2.3)
    sequel (5.60.1)

PLATFORMS
  ruby

DEPENDENCIES
  pg
  sequel

RUBY VERSION
   ruby 2.7.2p137

BUNDLED WITH
   2.1.4
