GEM
  remote: https://rubygems.org/
  specs:
    pg (1.2.2)
    rack (2.2.2)
    sequel (5.29.0)

PLATFORMS
  ruby

DEPENDENCIES
  pg
  rack
  sequel

BUNDLED WITH
   1.17.3
